GEM
  remote: https://rubygems.org/
  specs:
    concurrent-ruby (1.1.5)
    kgio (2.11.2)
    mustermann (2.0.2)
      ruby2_keywords (~> 0.0.1)
    rack (2.2.4)
    rack-protection (2.2.3)
      rack
    raindrops (0.19.0)
    ruby2_keywords (0.0.5)
    sinatra (2.2.3)
      mustermann (~> 2.0)
      rack (~> 2.2)
      rack-protection (= 2.2.3)
      tilt (~> 2.0)
    tilt (2.0.11)
    tzinfo (2.0.0)
      concurrent-ruby (~> 1.0)
    tzinfo-data (1.2019.2)
      tzinfo (>= 1.0.0)
    unicorn (5.5.1)
      kgio (~> 2.6)
      raindrops (~> 0.7)

PLATFORMS
  ruby

DEPENDENCIES
  sinatra (~> 2.2)
  tzinfo-data (= 1.2019.2)
  unicorn (~> 5.5)

BUNDLED WITH
   2.0.2
