GEM
  remote: https://rubygems.org/
  specs:
    concurrent-ruby (1.1.5)
    kgio (2.11.2)
    mustermann (1.0.3)
    rack (2.0.8)
    rack-protection (2.0.7)
      rack
    raindrops (0.19.0)
    sinatra (2.0.7)
      mustermann (~> 1.0)
      rack (~> 2.0)
      rack-protection (= 2.0.7)
      tilt (~> 2.0)
    tilt (2.0.10)
    tzinfo (2.0.0)
      concurrent-ruby (~> 1.0)
    tzinfo-data (1.2019.2)
      tzinfo (>= 1.0.0)
    unicorn (5.5.1)
      kgio (~> 2.6)
      raindrops (~> 0.7)

PLATFORMS
  ruby

DEPENDENCIES
  sinatra (~> 2.0)
  tzinfo-data (= 1.2019.2)
  unicorn (~> 5.5)

BUNDLED WITH
   2.0.2
